GEM
  remote: https://rubygems.org/
  specs:
    remote_syslog_logger (1.0.3)
      syslog_protocol
    syslog_protocol (0.9.2)

PLATFORMS
  ruby

DEPENDENCIES
  remote_syslog_logger

BUNDLED WITH
   1.11.2
